GEM
  remote: http://rubygems.org/
  specs:
    builder (3.2.2)
    diff-lcs (1.2.5)
    faraday (0.8.11)
      multipart-post (~> 1.2.0)
    ipaddress (0.8.3)
    json (1.8.3)
    multipart-post (1.2.0)
    net-ping (1.7.8)
    net-sftp (2.1.2)
      net-ssh (>= 2.6.5)
    net-ssh (2.9.4)
    netaddr (1.5.1)
    parallel (1.8.0)
    parallel_tests (1.7.1)
      parallel
    rake (10.5.0)
    rspec (2.99.0)
      rspec-core (~> 2.99.0)
      rspec-expectations (~> 2.99.0)
      rspec-mocks (~> 2.99.0)
    rspec-core (2.99.2)
    rspec-expectations (2.99.2)
      diff-lcs (>= 1.1.3, < 2.0)
    rspec-mocks (2.99.4)
    rspec_junit_formatter_jenkins (0.2.4)
      builder (< 4)
      rspec-core (>= 2, < 4, != 2.12.0)
    thrift (0.9.3.0)
    zookeeper (1.4.11)

PLATFORMS
  ruby

DEPENDENCIES
  faraday (~> 0.8.7)
  ipaddress (~> 0.8.0)
  json (~> 1.8)
  net-ping (~> 1.7.6)
  net-sftp (~> 2.1.2)
  net-ssh (~> 2.9.2)
  netaddr (~> 1.5.0)
  parallel_tests (~> 1.7.0)
  rake (~> 10)
  rspec (~> 2.14)
  rspec_junit_formatter_jenkins (~> 0.2.3)
  thrift (~> 0.9.2)
  zookeeper (~> 1.4.9)

BUNDLED WITH
   1.11.2
