GEM
  remote: https://rubygems.org/
  specs:
    faraday (0.8.7)
      multipart-post (~> 1.1)
    formatador (0.2.5)
    highline (1.7.3)
    json (1.8.3)
    multipart-post (1.2.0)
    netaddr (1.5.0)
    terminal-table (1.4.5)

PLATFORMS
  ruby

DEPENDENCIES
  faraday (~> 0.8.7)
  formatador
  highline (~> 1.7.3)
  json (~> 1.8)
  netaddr
  terminal-table (~> 1.4.5)
