GEM
  remote: https://rubygems.org/
  specs:
    builder (3.2.2)
    diff-lcs (1.2.4)
    faraday (0.8.7)
      multipart-post (~> 1.1)
    json (1.8.3)
    multi_json (1.7.7)
    multipart-post (1.2.0)
    netaddr (1.5.0)
    rake (10.1.0)
    rspec (2.14.1)
      rspec-core (~> 2.14.0)
      rspec-expectations (~> 2.14.0)
      rspec-mocks (~> 2.14.0)
    rspec-core (2.14.3)
    rspec-expectations (2.14.0)
      diff-lcs (>= 1.1.3, < 2.0)
    rspec-mocks (2.14.1)
    rspec_junit_formatter (0.1.6)
      builder
      rspec (~> 2.0)
      rspec-core (!= 2.12.0)
    simplecov (0.7.1)
      multi_json (~> 1.0)
      simplecov-html (~> 0.7.1)
    simplecov-html (0.7.1)
    simplecov-rcov (0.2.3)
      simplecov (>= 0.4.1)

PLATFORMS
  ruby

DEPENDENCIES
  faraday (~> 0.8.7)
  json (~> 1.8)
  netaddr (~> 1.5.0)
  rake (~> 10)
  rspec (~> 2.14)
  rspec_junit_formatter (~> 0.1.6)
  simplecov (~> 0.7.1)
  simplecov-rcov (~> 0.2.3)
